
type = string-attribute
name = HISTORY_NOTE
count = 8256
'[jdrussell3@mri-thor: Thu Mar 25 15:24:36 2021] {AFNI_21.0.00:linux_ubuntu_16_64} 3dttest++ -setA noPTSD sub-003 /fast_scratch/jdr/resting/BIDS_fmriprep/fmriprep/sub-003/ses-01/func/fconn/WB_Z_BLA_L.nii.gz sub-004 /fast_scratch/jdr/resting/BIDS_fmriprep/fmriprep/sub-004/ses-01/func/fconn/WB_Z_BLA_L.nii.gz sub-006 /fast_scratch/jdr/resting/BIDS_fmriprep/fmriprep/sub-006/ses-01/func/fconn/WB_Z_BLA_L.nii.gz sub-009 /fast_scratch/jdr/resting/BIDS_fmriprep/fmriprep/sub-009/ses-01/func/fconn/WB_Z_BLA_L.nii.gz sub-011 /fast_scratch/jdr/resting/BIDS_fmriprep/fmriprep/sub-011/ses-01/func/fconn/WB_Z_BLA_L.nii.gz sub-014 /fast_scratch/jdr/resting/BIDS_fmriprep/fmriprep/sub-014/ses-01/func/fconn/WB_Z_BLA_L.nii.gz sub-042 /fast_scratch/jdr/resting/BIDS_fmriprep/fmriprep/sub-042/ses-01/func/fconn/WB_Z_BLA_L.nii.gz sub-043 /fast_scratch/jdr/resting/BIDS_fmriprep/fmriprep/sub-043/ses-01/func/fconn/WB_Z_BLA_L.nii.gz sub-044 /fast_scratch/jdr/resting/BIDS_fmriprep/fmriprep/sub-044/ses-01/func/fconn/WB_Z_BLA_L.nii.gz sub-057 /fast_scratch/jdr/resting/BIDS_fmriprep/fmriprep/sub-057/ses-01/func/fconn/WB_Z_BLA_L.nii.gz sub-058 /fast_scratch/jdr/resting/BIDS_fmriprep/fmriprep/sub-058/ses-01/func/fconn/WB_Z_BLA_L.nii.gz sub-059 /fast_scratch/jdr/resting/BIDS_fmriprep/fmriprep/sub-059/ses-01/func/fconn/WB_Z_BLA_L.nii.gz sub-060 /fast_scratch/jdr/resting/BIDS_fmriprep/fmriprep/sub-060/ses-01/func/fconn/WB_Z_BLA_L.nii.gz sub-061 /fast_scratch/jdr/resting/BIDS_fmriprep/fmriprep/sub-061/ses-01/func/fconn/WB_Z_BLA_L.nii.gz sub-062 /fast_scratch/jdr/resting/BIDS_fmriprep/fmriprep/sub-062/ses-01/func/fconn/WB_Z_BLA_L.nii.gz sub-064 /fast_scratch/jdr/resting/BIDS_fmriprep/fmriprep/sub-064/ses-01/func/fconn/WB_Z_BLA_L.nii.gz sub-071 /fast_scratch/jdr/resting/BIDS_fmriprep/fmriprep/sub-071/ses-01/func/fconn/WB_Z_BLA_L.nii.gz sub-076 /fast_scratch/jdr/resting/BIDS_fmriprep/fmriprep/sub-076/ses-01/func/fconn/WB_Z_BLA_L.nii.gz sub-085 /fast_scratch/jdr/resting/BIDS_fmriprep/fmriprep/sub-085/ses-01/func/fconn/WB_Z_BLA_L.nii.gz sub-087 /fast_scratch/jdr/resting/BIDS_fmriprep/fmriprep/sub-087/ses-01/func/fconn/WB_Z_BLA_L.nii.gz sub-090 /fast_scratch/jdr/resting/BIDS_fmriprep/fmriprep/sub-090/ses-01/func/fconn/WB_Z_BLA_L.nii.gz sub-092 /fast_scratch/jdr/resting/BIDS_fmriprep/fmriprep/sub-092/ses-01/func/fconn/WB_Z_BLA_L.nii.gz sub-093 /fast_scratch/jdr/resting/BIDS_fmriprep/fmriprep/sub-093/ses-01/func/fconn/WB_Z_BLA_L.nii.gz sub-094 /fast_scratch/jdr/resting/BIDS_fmriprep/fmriprep/sub-094/ses-01/func/fconn/WB_Z_BLA_L.nii.gz sub-097 /fast_scratch/jdr/resting/BIDS_fmriprep/fmriprep/sub-097/ses-01/func/fconn/WB_Z_BLA_L.nii.gz sub-099 /fast_scratch/jdr/resting/BIDS_fmriprep/fmriprep/sub-099/ses-01/func/fconn/WB_Z_BLA_L.nii.gz sub-100 /fast_scratch/jdr/resting/BIDS_fmriprep/fmriprep/sub-100/ses-01/func/fconn/WB_Z_BLA_L.nii.gz sub-106 /fast_scratch/jdr/resting/BIDS_fmriprep/fmriprep/sub-106/ses-01/func/fconn/WB_Z_BLA_L.nii.gz sub-117 /fast_scratch/jdr/resting/BIDS_fmriprep/fmriprep/sub-117/ses-01/func/fconn/WB_Z_BLA_L.nii.gz sub-125 /fast_scratch/jdr/resting/BIDS_fmriprep/fmriprep/sub-125/ses-01/func/fconn/WB_Z_BLA_L.nii.gz sub-128 /fast_scratch/jdr/resting/BIDS_fmriprep/fmriprep/sub-128/ses-01/func/fconn/WB_Z_BLA_L.nii.gz sub-134 /fast_scratch/jdr/resting/BIDS_fmriprep/fmriprep/sub-134/ses-01/func/fconn/WB_Z_BLA_L.nii.gz sub-135 /fast_scratch/jdr/resting/BIDS_fmriprep/fmriprep/sub-135/ses-01/func/fconn/WB_Z_BLA_L.nii.gz sub-142 /fast_scratch/jdr/resting/BIDS_fmriprep/fmriprep/sub-142/ses-01/func/fconn/WB_Z_BLA_L.nii.gz sub-148 /fast_scratch/jdr/resting/BIDS_fmriprep/fmriprep/sub-148/ses-01/func/fconn/WB_Z_BLA_L.nii.gz sub-156 /fast_scratch/jdr/resting/BIDS_fmriprep/fmriprep/sub-156/ses-01/func/fconn/WB_Z_BLA_L.nii.gz sub-157 /fast_scratch/jdr/resting/BIDS_fmriprep/fmriprep/sub-157/ses-01/func/fconn/WB_Z_BLA_L.nii.gz -setB yesPTSD sub-012 /fast_scratch/jdr/resting/BIDS_fmriprep/fmriprep/sub-012/ses-01/func/fconn/WB_Z_BLA_L.nii.gz sub-019 /fast_scratch/jdr/resting/BIDS_fmriprep/fmriprep/sub-019/ses-01/func/fconn/WB_Z_BLA_L.nii.gz sub-021 /fast_scratch/jdr/resting/BIDS_fmriprep/fmriprep/sub-021/ses-01/func/fconn/WB_Z_BLA_L.nii.gz sub-024 /fast_scratch/jdr/resting/BIDS_fmriprep/fmriprep/sub-024/ses-01/func/fconn/WB_Z_BLA_L.nii.gz sub-026 /fast_scratch/jdr/resting/BIDS_fmriprep/fmriprep/sub-026/ses-01/func/fconn/WB_Z_BLA_L.nii.gz sub-028 /fast_scratch/jdr/resting/BIDS_fmriprep/fmriprep/sub-028/ses-01/func/fconn/WB_Z_BLA_L.nii.gz sub-031 /fast_scratch/jdr/resting/BIDS_fmriprep/fmriprep/sub-031/ses-01/func/fconn/WB_Z_BLA_L.nii.gz sub-036 /fast_scratch/jdr/resting/BIDS_fmriprep/fmriprep/sub-036/ses-01/func/fconn/WB_Z_BLA_L.nii.gz sub-041 /fast_scratch/jdr/resting/BIDS_fmriprep/fmriprep/sub-041/ses-01/func/fconn/WB_Z_BLA_L.nii.gz sub-045 /fast_scratch/jdr/resting/BIDS_fmriprep/fmriprep/sub-045/ses-01/func/fconn/WB_Z_BLA_L.nii.gz sub-050 /fast_scratch/jdr/resting/BIDS_fmriprep/fmriprep/sub-050/ses-01/func/fconn/WB_Z_BLA_L.nii.gz sub-065 /fast_scratch/jdr/resting/BIDS_fmriprep/fmriprep/sub-065/ses-01/func/fconn/WB_Z_BLA_L.nii.gz sub-068 /fast_scratch/jdr/resting/BIDS_fmriprep/fmriprep/sub-068/ses-01/func/fconn/WB_Z_BLA_L.nii.gz sub-070 /fast_scratch/jdr/resting/BIDS_fmriprep/fmriprep/sub-070/ses-01/func/fconn/WB_Z_BLA_L.nii.gz sub-073 /fast_scratch/jdr/resting/BIDS_fmriprep/fmriprep/sub-073/ses-01/func/fconn/WB_Z_BLA_L.nii.gz sub-075 /fast_scratch/jdr/resting/BIDS_fmriprep/fmriprep/sub-075/ses-01/func/fconn/WB_Z_BLA_L.nii.gz sub-078 /fast_scratch/jdr/resting/BIDS_fmriprep/fmriprep/sub-078/ses-01/func/fconn/WB_Z_BLA_L.nii.gz sub-079 /fast_scratch/jdr/resting/BIDS_fmriprep/fmriprep/sub-079/ses-01/func/fconn/WB_Z_BLA_L.nii.gz sub-082 /fast_scratch/jdr/resting/BIDS_fmriprep/fmriprep/sub-082/ses-01/func/fconn/WB_Z_BLA_L.nii.gz sub-084 /fast_scratch/jdr/resting/BIDS_fmriprep/fmriprep/sub-084/ses-01/func/fconn/WB_Z_BLA_L.nii.gz sub-086 /fast_scratch/jdr/resting/BIDS_fmriprep/fmriprep/sub-086/ses-01/func/fconn/WB_Z_BLA_L.nii.gz sub-091 /fast_scratch/jdr/resting/BIDS_fmriprep/fmriprep/sub-091/ses-01/func/fconn/WB_Z_BLA_L.nii.gz sub-104 /fast_scratch/jdr/resting/BIDS_fmriprep/fmriprep/sub-104/ses-01/func/fconn/WB_Z_BLA_L.nii.gz sub-108 /fast_scratch/jdr/resting/BIDS_fmriprep/fmriprep/sub-108/ses-01/func/fconn/WB_Z_BLA_L.nii.gz sub-118 /fast_scratch/jdr/resting/BIDS_fmriprep/fmriprep/sub-118/ses-01/func/fconn/WB_Z_BLA_L.nii.gz sub-122 /fast_scratch/jdr/resting/BIDS_fmriprep/fmriprep/sub-122/ses-01/func/fconn/WB_Z_BLA_L.nii.gz sub-124 /fast_scratch/jdr/resting/BIDS_fmriprep/fmriprep/sub-124/ses-01/func/fconn/WB_Z_BLA_L.nii.gz sub-127 /fast_scratch/jdr/resting/BIDS_fmriprep/fmriprep/sub-127/ses-01/func/fconn/WB_Z_BLA_L.nii.gz sub-129 /fast_scratch/jdr/resting/BIDS_fmriprep/fmriprep/sub-129/ses-01/func/fconn/WB_Z_BLA_L.nii.gz sub-132 /fast_scratch/jdr/resting/BIDS_fmriprep/fmriprep/sub-132/ses-01/func/fconn/WB_Z_BLA_L.nii.gz sub-133 /fast_scratch/jdr/resting/BIDS_fmriprep/fmriprep/sub-133/ses-01/func/fconn/WB_Z_BLA_L.nii.gz sub-138 /fast_scratch/jdr/resting/BIDS_fmriprep/fmriprep/sub-138/ses-01/func/fconn/WB_Z_BLA_L.nii.gz sub-139 /fast_scratch/jdr/resting/BIDS_fmriprep/fmriprep/sub-139/ses-01/func/fconn/WB_Z_BLA_L.nii.gz sub-146 /fast_scratch/jdr/resting/BIDS_fmriprep/fmriprep/sub-146/ses-01/func/fconn/WB_Z_BLA_L.nii.gz sub-147 /fast_scratch/jdr/resting/BIDS_fmriprep/fmriprep/sub-147/ses-01/func/fconn/WB_Z_BLA_L.nii.gz sub-151 /fast_scratch/jdr/resting/BIDS_fmriprep/fmriprep/sub-151/ses-01/func/fconn/WB_Z_BLA_L.nii.gz sub-153 /fast_scratch/jdr/resting/BIDS_fmriprep/fmriprep/sub-153/ses-01/func/fconn/WB_Z_BLA_L.nii.gz sub-154 /fast_scratch/jdr/resting/BIDS_fmriprep/fmriprep/sub-154/ses-01/func/fconn/WB_Z_BLA_L.nii.gz sub-155 /fast_scratch/jdr/resting/BIDS_fmriprep/fmriprep/sub-155/ses-01/func/fconn/WB_Z_BLA_L.nii.gz -mask /fast_scratch/tjk/PNC/seeds/MNI152_T1_2mm_brain.nii.gz -BminusA -prefix 3dttest_maineffects_BLA_L\n[jdrussell3@mri-thor: Thu Mar 25 15:28:56 2021] == Interactive clusterize mask:\n[jdrussell3@mri-thor: Thu Mar 25 15:28:56 2021] 3dClusterize -nosum -1Dformat -inset /Volumes/Users/jdrussell3/NeuroScripts/fMRI/resting/Ttests/amygnucs2WB/3dttest_maineffects_BLA_L+tlrc.HEAD -idat 1 -ithr 1 -NN 3 -clust_nvox 150 -bisided -2.8936 2.8936 -pref_map Clust_mask~

type = string-attribute
name = TYPESTRING
count = 15
'3DIM_HEAD_FUNC~

type = string-attribute
name = IDCODE_STRING
count = 27
'AFN_M52pWBb9FqoCIU6aSa2EXw~

type = string-attribute
name = IDCODE_DATE
count = 25
'Thu Mar 25 15:28:56 2021~

type = integer-attribute
name = SCENE_DATA
count = 8
 2 11 1 -999 -999
 -999 -999 -999

type = string-attribute
name = LABEL_1
count = 5
'zyxt~

type = string-attribute
name = LABEL_2
count = 5
'zyxt~

type = string-attribute
name = DATASET_NAME
count = 5
'zyxt~

type = integer-attribute
name = ORIENT_SPECIFIC
count = 3
 1 2 4

type  = float-attribute
name  = ORIGIN
count = 3
             90            126            -72

type  = float-attribute
name  = DELTA
count = 3
             -2             -2              2

type  = float-attribute
name  = IJK_TO_DICOM
count = 12
             -2              0              0             90              0
             -2              0            126              0              0
              2            -72

type  = float-attribute
name  = IJK_TO_DICOM_REAL
count = 12
             -2              0              0             90              0
             -2              0            126              0              0
              2            -72

type  = float-attribute
name  = BRICK_STATS
count = 2
              0              5

type = integer-attribute
name = DATASET_RANK
count = 8
 3 1 0 0 0
 0 0 0

type = integer-attribute
name = DATASET_DIMENSIONS
count = 5
 91 109 91 0 0

type = integer-attribute
name = BRICK_TYPES
count = 1
 1

type  = float-attribute
name  = BRICK_FLOAT_FACS
count = 1
              0

type = string-attribute
name = TEMPLATE_SPACE
count = 4
'MNI~

type = integer-attribute
name = INT_CMAP
count = 1
 0

type = string-attribute
name = BYTEORDER_STRING
count = 10
'LSB_FIRST~
